GEM
  remote: https://rubygems.org/
  specs:
    httpclient (2.8.3)
    mediawiki-butt (1.3.0)
      httpclient (~> 2.8)
    mini_portile2 (2.1.0)
    nokogiri (1.7.0.1)
      mini_portile2 (~> 2.1.0)

PLATFORMS
  ruby

DEPENDENCIES
  mediawiki-butt
  nokogiri

BUNDLED WITH
   1.14.2
